PATH
  remote: vendor/gems
  specs:
    grape-swagger (0.6.0)
      grape (>= 0.2.0)
      kramdown

GEM
  remote: http://rubygems.org/
  specs:
    actionmailer (3.2.13)
      actionpack (= 3.2.13)
      mail (~> 2.5.3)
    actionpack (3.2.13)
      activemodel (= 3.2.13)
      activesupport (= 3.2.13)
      builder (~> 3.0.0)
      erubis (~> 2.7.0)
      journey (~> 1.0.4)
      rack (~> 1.4.5)
      rack-cache (~> 1.2)
      rack-test (~> 0.6.1)
      sprockets (~> 2.2.1)
    activemodel (3.2.13)
      activesupport (= 3.2.13)
      builder (~> 3.0.0)
    activerecord (3.2.13)
      activemodel (= 3.2.13)
      activesupport (= 3.2.13)
      arel (~> 3.0.2)
      tzinfo (~> 0.3.29)
    activeresource (3.2.13)
      activemodel (= 3.2.13)
      activesupport (= 3.2.13)
    activesupport (3.2.13)
      i18n (= 0.6.1)
      multi_json (~> 1.0)
    alias (0.2.3)
    ansi (1.4.3)
    arel (3.0.2)
    awesome_print (1.2.0)
    aws-s3 (0.6.3)
      builder
      mime-types
      xml-simple
    axiom-types (0.0.5)
      descendants_tracker (~> 0.0.1)
      ice_nine (~> 0.9)
    backports (3.3.5)
    binding.repl (0.8.0)
    boson (1.2.4)
    boson-more (0.2.2)
      boson (>= 1.2.0)
    bourbon (3.1.8)
      sass (>= 3.2.0)
      thor
    builder (3.0.4)
    capistrano (2.15.5)
      highline
      net-scp (>= 1.0.0)
      net-sftp (>= 2.0.0)
      net-ssh (>= 2.0.14)
      net-ssh-gateway (>= 1.1.0)
    capybara (2.1.0)
      mime-types (>= 1.16)
      nokogiri (>= 1.3.3)
      rack (>= 1.0.0)
      rack-test (>= 0.5.4)
      xpath (~> 2.0)
    capybara-firebug (2.0.0)
      capybara (>= 1.0, < 3.0)
      selenium-webdriver
    celluloid (0.15.2)
      timers (~> 1.1.0)
    childprocess (0.3.9)
      ffi (~> 1.0, >= 1.0.11)
    chronic (0.10.2)
    clipboard (1.0.5)
    cocoapods-core (0.26.2)
      activesupport (~> 3.0)
      json (~> 1.8)
      nap (~> 0.5)
    coderay (1.1.0)
    coercible (0.2.0)
      backports (~> 3.0, >= 3.1.0)
      descendants_tracker (~> 0.0.1)
    coffee-rails (3.2.2)
      coffee-script (>= 2.2.0)
      railties (~> 3.2.0)
    coffee-script (2.2.0)
      coffee-script-source
      execjs
    coffee-script-source (1.6.3)
    columnize (0.3.6)
    dalli (2.6.4)
    database_cleaner (1.2.0)
    debugger (1.6.2)
      columnize (>= 0.3.1)
      debugger-linecache (~> 1.2.0)
      debugger-ruby_core_source (~> 1.2.3)
    debugger-linecache (1.2.0)
    debugger-ruby_core_source (1.2.3)
    descendants_tracker (0.0.3)
    diff-lcs (1.2.4)
    equalizer (0.0.7)
    erubis (2.7.0)
    every_day_irb (1.5.1)
    execjs (2.0.2)
    factory_girl (4.3.0)
      activesupport (>= 3.0.0)
    factory_girl_rails (4.3.0)
      factory_girl (~> 4.3.0)
      railties (>= 3.0.0)
    fakes3 (0.1.5.2)
      builder
      thor
    fakeweb (1.3.0)
    fancy_irb (0.7.3)
      paint (>= 0.8.1)
      unicode-display_width (>= 0.1.1)
    ffi (1.9.3)
    g (1.7.2)
    gene_pool (1.3.0)
    grape (0.5.0)
      activesupport
      builder
      hashie (>= 1.2.0)
      multi_json (>= 1.3.2)
      multi_xml (>= 0.5.2)
      rack (>= 1.3.0)
      rack-accept
      rack-mount
      virtus
    grape-entity (0.2.0)
      activesupport
      multi_json (>= 1.3.2)
    gravatar_image_tag (1.1.3)
    guard (1.4.0)
      listen (>= 0.4.2)
      thor (>= 0.14.6)
    guard-rails (0.4.7)
      guard (>= 0.2.2)
    guard-rspec (2.5.4)
      guard (>= 1.1)
      rspec (~> 2.11)
    hashie (2.0.5)
    hashr (0.0.22)
    highline (1.6.20)
    hike (1.2.3)
    hirb (0.7.1)
    htmlentities (4.3.1)
    httparty (0.12.0)
      json (~> 1.8)
      multi_xml (>= 0.5.2)
    i18n (0.6.1)
    ice_nine (0.10.0)
    interactive_editor (0.0.10)
      spoon (>= 0.0.1)
    irbtools (1.5.1)
      alias (~> 0.2.3)
      awesome_print (~> 1.2.0)
      binding.repl (>= 0.7.0)
      boson (~> 1.2.4)
      boson-more (~> 0.2.2)
      clipboard (~> 1.0.5)
      coderay (~> 1.1.0)
      every_day_irb (>= 1.5.1)
      fancy_irb (>= 0.7.3)
      g (>= 1.7.2)
      hirb (~> 0.7.1)
      interactive_editor (>= 0.0.10)
      method_locator (>= 0.0.4)
      method_source (>= 0.8.2)
      methodfinder (>= 1.2.5)
      ori (~> 0.1.0)
      paint (>= 0.8.6)
      wirb (>= 1.0.2)
      zucker (>= 13.1)
    journey (1.0.4)
    jquery-rails (2.2.1)
      railties (>= 3.0, < 5.0)
      thor (>= 0.14, < 2.0)
    json (1.8.1)
    kgio (2.8.1)
    kramdown (1.2.0)
    libv8 (3.16.14.3)
    listen (2.2.0)
      celluloid (>= 0.15.2)
      rb-fsevent (>= 0.9.3)
      rb-inotify (>= 0.9)
    mail (2.5.4)
      mime-types (~> 1.16)
      treetop (~> 1.4.8)
    method_locator (0.0.4)
    method_source (0.8.2)
    methodfinder (1.2.5)
    mime-types (1.25)
    mini_portile (0.5.2)
    mongoid (3.1.5)
      activemodel (~> 3.2)
      moped (~> 1.4)
      origin (~> 1.0)
      tzinfo (~> 0.3.29)
    moped (1.5.1)
    multi_json (1.8.2)
    multi_xml (0.5.5)
    nap (0.5.1)
    naturalsorter (2.0.6)
    net-scp (1.1.2)
      net-ssh (>= 2.6.5)
    net-sftp (2.1.2)
      net-ssh (>= 2.6.5)
    net-ssh (2.7.0)
    net-ssh-gateway (1.2.0)
      net-ssh (>= 2.6.5)
    nokogiri (1.6.0)
      mini_portile (~> 0.5.0)
    oauth (0.4.7)
    ori (0.1.0)
    origin (1.1.0)
    paint (0.8.6)
    persistent_http (1.0.6)
      gene_pool (>= 1.3)
    persistent_httparty (0.1.1)
      httparty (~> 0.9)
      persistent_http
    polyglot (0.3.3)
    postmark (1.0.1)
      json
      rake
    postmark-rails (0.5.2)
      actionmailer (>= 3.0.0)
      postmark (~> 1.0)
    pry (0.9.6)
      coderay (>= 0.9.8)
      method_source (>= 0.6.5)
      ruby_parser (>= 2.0.5)
      slop (~> 2.1.0)
    psych (2.0.1)
    rack (1.4.5)
    rack-accept (0.4.5)
      rack (>= 0.4)
    rack-cache (1.2)
      rack (>= 0.4)
    rack-mount (0.8.3)
      rack (>= 1.0.0)
    rack-ssl (1.3.3)
      rack
    rack-test (0.6.2)
      rack (>= 1.0)
    rails (3.2.13)
      actionmailer (= 3.2.13)
      actionpack (= 3.2.13)
      activerecord (= 3.2.13)
      activeresource (= 3.2.13)
      activesupport (= 3.2.13)
      bundler (~> 1.0)
      railties (= 3.2.13)
    railties (3.2.13)
      actionpack (= 3.2.13)
      activesupport (= 3.2.13)
      rack-ssl (~> 1.3.2)
      rake (>= 0.8.7)
      rdoc (~> 3.4)
      thor (>= 0.14.6, < 2.0)
    raindrops (0.12.0)
    rake (10.1.0)
    rb-fsevent (0.9.3)
    rb-inotify (0.9.2)
      ffi (>= 0.5.0)
    rdoc (3.12.2)
      json (~> 1.4)
    ref (1.0.5)
    rest-client (1.6.7)
      mime-types (>= 1.16)
    rspec (2.14.1)
      rspec-core (~> 2.14.0)
      rspec-expectations (~> 2.14.0)
      rspec-mocks (~> 2.14.0)
    rspec-core (2.14.7)
    rspec-expectations (2.14.3)
      diff-lcs (>= 1.1.3, < 2.0)
    rspec-mocks (2.14.4)
    rspec-rails (2.14.0)
      actionpack (>= 3.0)
      activesupport (>= 3.0)
      railties (>= 3.0)
      rspec-core (~> 2.14.0)
      rspec-expectations (~> 2.14.0)
      rspec-mocks (~> 2.14.0)
    ruby_parser (3.2.2)
      sexp_processor (~> 4.1)
    ruby_regex (0.1.0)
    rubyzip (1.0.0)
    sass (3.2.12)
    sass-rails (3.2.6)
      railties (~> 3.2.0)
      sass (>= 3.1.10)
      tilt (~> 1.3)
    selenium-webdriver (2.37.0)
      childprocess (>= 0.2.5)
      multi_json (~> 1.0)
      rubyzip (~> 1.0.0)
      websocket (~> 1.0.4)
    sexp_processor (4.4.0)
    slop (2.1.0)
    spoon (0.0.4)
      ffi
    sprockets (2.2.2)
      hike (~> 1.2)
      multi_json (~> 1.0)
      rack (~> 1.0)
      tilt (~> 1.1, != 1.3.0)
    stripe (1.8.8)
      multi_json (>= 1.0.4, < 2)
      rest-client (~> 1.4)
    terminal-notifier (1.5.1)
    therubyracer (0.12.0)
      libv8 (~> 3.16.14.0)
      ref
    thor (0.18.1)
    tilt (1.4.1)
    timers (1.1.0)
    tire (0.6.1)
      activemodel (>= 3.0)
      activesupport
      ansi
      hashr (~> 0.0.19)
      multi_json (~> 1.3)
      rake
      rest-client (~> 1.6)
    treetop (1.4.15)
      polyglot
      polyglot (>= 0.3.1)
    turn (0.9.6)
      ansi
    twitter_oauth (0.4.94)
      json (>= 1.8.0)
      mime-types (>= 1.16)
      oauth (>= 0.4.7)
    tzinfo (0.3.38)
    uglifier (2.3.0)
      execjs (>= 0.3.0)
      json (>= 1.8.0)
    unicode-display_width (0.1.1)
    unicorn (4.6.3)
      kgio (~> 2.6)
      rack
      raindrops (~> 0.7)
    virtus (1.0.0)
      axiom-types (~> 0.0.5)
      coercible (~> 0.2)
      descendants_tracker (~> 0.0.1)
      equalizer (~> 0.0.7)
    websocket (1.0.7)
    whenever (0.8.4)
      activesupport (>= 2.3.4)
      chronic (>= 0.6.3)
    will_paginate (3.0.5)
    wirb (1.0.2)
      paint
    xml-simple (1.1.2)
    xpath (2.0.0)
      nokogiri (~> 1.3)
    yui-compressor (0.12.0)
    zucker (13.1)

PLATFORMS
  ruby

DEPENDENCIES
  aws-s3 (= 0.6.3)
  bourbon (= 3.1.8)
  capistrano (= 2.15.5)
  capybara (= 2.1.0)
  capybara-firebug (= 2.0.0)
  cocoapods-core (= 0.26.2)
  coffee-rails (= 3.2.2)
  dalli (= 2.6.4)
  database_cleaner (= 1.2.0)
  debugger
  execjs (= 2.0.2)
  factory_girl (~> 4.0)
  factory_girl_rails (~> 4.0)
  fakes3
  fakeweb (= 1.3.0)
  grape (= 0.5.0)
  grape-entity (= 0.2.0)
  grape-swagger!
  gravatar_image_tag (= 1.1.3)
  guard-rails
  guard-rspec
  htmlentities (= 4.3.1)
  httparty (= 0.12.0)
  irbtools
  jquery-rails (= 2.2.1)
  json (= 1.8.1)
  kgio (= 2.8.1)
  mongoid (= 3.1.5)
  naturalsorter (= 2.0.6)
  nokogiri (= 1.6.0)
  oauth (= 0.4.7)
  persistent_httparty
  postmark-rails (= 0.5.2)
  pry
  psych
  rails (= 3.2.13)
  rspec (= 2.14.1)
  rspec-mocks (= 2.14.4)
  rspec-rails (~> 2.0)
  ruby_regex (= 0.1.0)
  sass
  sass-rails (= 3.2.6)
  selenium-webdriver (= 2.37.0)
  stripe (= 1.8.8)
  terminal-notifier
  therubyracer (= 0.12.0)
  tire (= 0.6.1)
  turn
  twitter_oauth (= 0.4.94)
  uglifier
  unicorn (= 4.6.3)
  whenever (= 0.8.4)
  will_paginate (= 3.0.5)
  yui-compressor (= 0.12.0)
