PATH
  remote: vendor/gems
  specs:
    grape-swagger (0.6.0)
      grape (>= 0.2.0)
      kramdown

GEM
  remote: http://rubygems.org/
  specs:
    actionmailer (3.2.16)
      actionpack (= 3.2.16)
      mail (~> 2.5.4)
    actionpack (3.2.16)
      activemodel (= 3.2.16)
      activesupport (= 3.2.16)
      builder (~> 3.0.0)
      erubis (~> 2.7.0)
      journey (~> 1.0.4)
      rack (~> 1.4.5)
      rack-cache (~> 1.2)
      rack-test (~> 0.6.1)
      sprockets (~> 2.2.1)
    activemodel (3.2.16)
      activesupport (= 3.2.16)
      builder (~> 3.0.0)
    activerecord (3.2.16)
      activemodel (= 3.2.16)
      activesupport (= 3.2.16)
      arel (~> 3.0.2)
      tzinfo (~> 0.3.29)
    activeresource (3.2.16)
      activemodel (= 3.2.16)
      activesupport (= 3.2.16)
    activesupport (3.2.16)
      i18n (~> 0.6, >= 0.6.4)
      multi_json (~> 1.0)
    addressable (2.3.5)
    alias (0.2.3)
    ansi (1.4.3)
    arel (3.0.3)
    awesome_print (1.2.0)
    aws-sdk (1.32.0)
      json (~> 1.4)
      nokogiri (>= 1.4.4)
      uuidtools (~> 2.1)
    axiom-types (0.0.5)
      descendants_tracker (~> 0.0.1)
      ice_nine (~> 0.9)
    binding.repl (0.9.0)
      toml (~> 0.0.3)
    blankslate (2.1.2.4)
    boson (1.2.4)
    boson-more (0.2.2)
      boson (>= 1.2.0)
    bourbon (3.1.8)
      sass (>= 3.2.0)
      thor
    builder (3.0.4)
    capistrano (3.1.0)
      i18n
      rake (>= 10.0.0)
      sshkit (~> 1.3)
    capistrano-bundler (1.1.1)
      capistrano (~> 3.0)
      sshkit (>= 1.2.0)
    capistrano-rails (1.1.1)
      capistrano (~> 3.1)
      capistrano-bundler (~> 1.1)
    capybara (2.2.1)
      mime-types (>= 1.16)
      nokogiri (>= 1.3.3)
      rack (>= 1.0.0)
      rack-test (>= 0.5.4)
      xpath (~> 2.0)
    capybara-firebug (2.0.0)
      capybara (>= 1.0, < 3.0)
      selenium-webdriver
    childprocess (0.4.0)
      ffi (~> 1.0, >= 1.0.11)
    chronic (0.10.2)
    clipboard (1.0.5)
    cocoapods-core (0.29.0)
      activesupport (>= 3.2.15, < 4)
      fuzzy_match (~> 2.0.4)
      json_pure (~> 1.8)
      nap (~> 0.5)
    coderay (1.1.0)
    coercible (1.0.0)
      descendants_tracker (~> 0.0.1)
    coffee-rails (3.2.2)
      coffee-script (>= 2.2.0)
      railties (~> 3.2.0)
    coffee-script (2.2.0)
      coffee-script-source
      execjs
    coffee-script-source (1.7.0)
    columnize (0.3.6)
    crack (0.4.1)
      safe_yaml (~> 0.9.0)
    dalli (2.7.0)
    database_cleaner (1.2.0)
    debugger (1.6.5)
      columnize (>= 0.3.1)
      debugger-linecache (~> 1.2.0)
      debugger-ruby_core_source (~> 1.3.1)
    debugger-linecache (1.2.0)
    debugger-ruby_core_source (1.3.1)
    descendants_tracker (0.0.3)
    diff-lcs (1.2.5)
    equalizer (0.0.9)
    erubis (2.7.0)
    every_day_irb (1.5.1)
    execjs (2.0.2)
    factory_girl (4.3.0)
      activesupport (>= 3.0.0)
    factory_girl_rails (4.3.0)
      factory_girl (~> 4.3.0)
      railties (>= 3.0.0)
    fakes3 (0.1.5.2)
      builder
      thor
    fakeweb (1.3.0)
    fancy_irb (0.7.3)
      paint (>= 0.8.1)
      unicode-display_width (>= 0.1.1)
    faraday (0.9.0)
      multipart-post (>= 1.2, < 3)
    ffi (1.9.3)
    fuzzy_match (2.0.4)
    g (1.7.2)
    gene_pool (1.3.2)
    grape (0.6.1)
      activesupport
      builder
      hashie (>= 1.2.0)
      multi_json (>= 1.3.2)
      multi_xml (>= 0.5.2)
      rack (>= 1.3.0)
      rack-accept
      rack-mount
      virtus (>= 1.0.0)
    grape-entity (0.3.0)
      activesupport
      multi_json (>= 1.3.2)
    gravatar_image_tag (1.2.0)
    hashie (2.0.5)
    hashr (0.0.22)
    hike (1.2.3)
    hirb (0.7.1)
    htmlentities (4.3.1)
    httparty (0.12.0)
      json (~> 1.8)
      multi_xml (>= 0.5.2)
    i18n (0.6.9)
    ice_nine (0.11.0)
    interactive_editor (0.0.10)
      spoon (>= 0.0.1)
    irbtools (1.5.1)
      alias (~> 0.2.3)
      awesome_print (~> 1.2.0)
      binding.repl (>= 0.7.0)
      boson (~> 1.2.4)
      boson-more (~> 0.2.2)
      clipboard (~> 1.0.5)
      coderay (~> 1.1.0)
      every_day_irb (>= 1.5.1)
      fancy_irb (>= 0.7.3)
      g (>= 1.7.2)
      hirb (~> 0.7.1)
      interactive_editor (>= 0.0.10)
      method_locator (>= 0.0.4)
      method_source (>= 0.8.2)
      methodfinder (>= 1.2.5)
      ori (~> 0.1.0)
      paint (>= 0.8.6)
      wirb (>= 1.0.2)
      zucker (>= 13.1)
    journey (1.0.4)
    jquery-rails (2.2.1)
      railties (>= 3.0, < 5.0)
      thor (>= 0.14, < 2.0)
    json (1.8.1)
    json_pure (1.8.1)
    kgio (2.8.1)
    kramdown (1.3.1)
    libv8 (3.16.14.3)
    mail (2.5.4)
      mime-types (~> 1.16)
      treetop (~> 1.4.8)
    method_locator (0.0.4)
    method_source (0.8.2)
    methodfinder (2.0.0)
    mime-types (1.25.1)
    mini_portile (0.5.2)
    mongoid (3.1.6)
      activemodel (~> 3.2)
      moped (~> 1.4)
      origin (~> 1.0)
      tzinfo (~> 0.3.29)
    moped (1.5.2)
    multi_json (1.8.4)
    multi_xml (0.5.5)
    multipart-post (2.0.0)
    nap (0.6.0)
    naturalsorter (2.0.8)
    net-scp (1.1.2)
      net-ssh (>= 2.6.5)
    net-ssh (2.7.0)
    nokogiri (1.6.1)
      mini_portile (~> 0.5.0)
    oauth (0.4.7)
    octokit (2.7.1)
      sawyer (~> 0.5.2)
    ori (0.1.0)
    origin (1.1.0)
    paint (0.8.7)
    parslet (1.5.0)
      blankslate (~> 2.0)
    persistent_http (1.0.6)
      gene_pool (>= 1.3)
    persistent_httparty (0.1.1)
      httparty (~> 0.9)
      persistent_http
    polyglot (0.3.3)
    postmark (1.1.0)
      json
      rake
    postmark-rails (0.6.0)
      actionmailer (>= 3.0.0)
      postmark (~> 1.1.0)
    psych (2.0.2)
    rack (1.4.5)
    rack-accept (0.4.5)
      rack (>= 0.4)
    rack-cache (1.2)
      rack (>= 0.4)
    rack-mount (0.8.3)
      rack (>= 1.0.0)
    rack-ssl (1.3.3)
      rack
    rack-test (0.6.2)
      rack (>= 1.0)
    rails (3.2.16)
      actionmailer (= 3.2.16)
      actionpack (= 3.2.16)
      activerecord (= 3.2.16)
      activeresource (= 3.2.16)
      activesupport (= 3.2.16)
      bundler (~> 1.0)
      railties (= 3.2.16)
    railties (3.2.16)
      actionpack (= 3.2.16)
      activesupport (= 3.2.16)
      rack-ssl (~> 1.3.2)
      rake (>= 0.8.7)
      rdoc (~> 3.4)
      thor (>= 0.14.6, < 2.0)
    raindrops (0.12.0)
    rake (10.1.1)
    rdoc (3.12.2)
      json (~> 1.4)
    ref (1.0.5)
    rest-client (1.6.7)
      mime-types (>= 1.16)
    rspec (2.14.1)
      rspec-core (~> 2.14.0)
      rspec-expectations (~> 2.14.0)
      rspec-mocks (~> 2.14.0)
    rspec-core (2.14.7)
    rspec-expectations (2.14.4)
      diff-lcs (>= 1.1.3, < 2.0)
    rspec-mocks (2.14.4)
    rspec-rails (2.14.1)
      actionpack (>= 3.0)
      activemodel (>= 3.0)
      activesupport (>= 3.0)
      railties (>= 3.0)
      rspec-core (~> 2.14.0)
      rspec-expectations (~> 2.14.0)
      rspec-mocks (~> 2.14.0)
    ruby_regex (0.1.1)
      rake
    rubyzip (1.1.0)
    safe_yaml (0.9.7)
    sass (3.2.14)
    sass-rails (3.2.6)
      railties (~> 3.2.0)
      sass (>= 3.1.10)
      tilt (~> 1.3)
    sawyer (0.5.3)
      addressable (~> 2.3.5)
      faraday (~> 0.8, < 0.10)
    selenium-webdriver (2.39.0)
      childprocess (>= 0.2.5)
      multi_json (~> 1.0)
      rubyzip (~> 1.0)
      websocket (~> 1.0.4)
    semverly (1.0.0)
    spoon (0.0.4)
      ffi
    sprockets (2.2.2)
      hike (~> 1.2)
      multi_json (~> 1.0)
      rack (~> 1.0)
      tilt (~> 1.1, != 1.3.0)
    sshkit (1.3.0)
      net-scp (>= 1.1.2)
      net-ssh
      term-ansicolor
    stripe (1.9.9)
      mime-types (~> 1.25)
      multi_json (>= 1.0.4, < 2)
      rest-client (~> 1.4)
    term-ansicolor (1.2.2)
      tins (~> 0.8)
    terminal-notifier (1.5.1)
    therubyracer (0.12.0)
      libv8 (~> 3.16.14.0)
      ref
    thor (0.18.1)
    tilt (1.4.1)
    tins (0.13.1)
    tire (0.6.2)
      activemodel (>= 3.0)
      activesupport
      ansi
      hashr (~> 0.0.19)
      multi_json (~> 1.3)
      rake
      rest-client (~> 1.6)
    toml (0.0.4)
      parslet
    treetop (1.4.15)
      polyglot
      polyglot (>= 0.3.1)
    turn (0.9.6)
      ansi
    twitter_oauth (0.4.94)
      json (>= 1.8.0)
      mime-types (>= 1.16)
      oauth (>= 0.4.7)
    tzinfo (0.3.38)
    uglifier (2.4.0)
      execjs (>= 0.3.0)
      json (>= 1.8.0)
    unicode-display_width (0.1.1)
    unicorn (4.8.1)
      kgio (~> 2.6)
      rack
      raindrops (~> 0.7)
    uuidtools (2.1.4)
    vcr (2.8.0)
    virtus (1.0.1)
      axiom-types (~> 0.0.5)
      coercible (~> 1.0)
      descendants_tracker (~> 0.0.1)
      equalizer (~> 0.0.7)
    webmock (1.17.1)
      addressable (>= 2.2.7)
      crack (>= 0.3.2)
    websocket (1.0.7)
    whenever (0.9.0)
      activesupport (>= 2.3.4)
      chronic (>= 0.6.3)
    will_paginate (3.0.5)
    wirb (1.0.3)
      paint (~> 0.8)
    xpath (2.0.0)
      nokogiri (~> 1.3)
    yui-compressor (0.12.0)
    zucker (13.1)

PLATFORMS
  ruby

DEPENDENCIES
  aws-sdk (~> 1.0)
  bourbon (= 3.1.8)
  capistrano (= 3.1.0)
  capistrano-bundler (= 1.1.1)
  capistrano-rails (= 1.1.1)
  capybara (~> 2.2.0)
  capybara-firebug (~> 2.0.0)
  cocoapods-core (= 0.29.0)
  coffee-rails (= 3.2.2)
  dalli (= 2.7.0)
  database_cleaner (= 1.2.0)
  debugger (~> 1.6.0)
  execjs (= 2.0.2)
  factory_girl (= 4.3.0)
  factory_girl_rails (= 4.3.0)
  fakes3 (= 0.1.5.2)
  fakeweb (= 1.3.0)
  grape (= 0.6.1)
  grape-entity (= 0.3.0)
  grape-swagger!
  gravatar_image_tag (= 1.2.0)
  htmlentities (= 4.3.1)
  httparty (= 0.12.0)
  irbtools (= 1.5.1)
  jquery-rails (= 2.2.1)
  json (~> 1.8.0)
  kgio (~> 2.8.0)
  mongoid (~> 3.1.0)
  naturalsorter (= 2.0.8)
  nokogiri (~> 1.6.0)
  oauth (= 0.4.7)
  octokit (~> 2.7.0)
  persistent_httparty (= 0.1.1)
  postmark-rails (= 0.6.0)
  psych (~> 2.0.0)
  rails (= 3.2.16)
  rspec (= 2.14.1)
  rspec-mocks (= 2.14.4)
  rspec-rails (= 2.14.1)
  ruby_regex (~> 0.1.0)
  sass
  sass-rails (= 3.2.6)
  selenium-webdriver (= 2.39.0)
  semverly (= 1.0.0)
  stripe (= 1.9.9)
  terminal-notifier (= 1.5.1)
  therubyracer (= 0.12.0)
  tire (= 0.6.2)
  turn
  twitter_oauth (= 0.4.94)
  uglifier (~> 2.4.0)
  unicorn (= 4.8.1)
  vcr (~> 2.8.0)
  webmock (~> 1.17.0)
  whenever (= 0.9.0)
  will_paginate (= 3.0.5)
  yui-compressor (= 0.12.0)
